GEM
  remote: https://rubygems.org/
  specs:
    rack (3.0.10)

PLATFORMS
  ruby
  x86_64-darwin-22

DEPENDENCIES
  rack

BUNDLED WITH
   2.5.3
